PATH
  remote: .
  specs:
    unicorn_loader (0.1)
      thor

GEM
  specs:
    diff-lcs (1.1.3)
    fuubar (1.0.0)
      rspec (~> 2.0)
      rspec-instafail (~> 0.2.0)
      ruby-progressbar (~> 0.0.10)
    nyan-cat-formatter (0.0.9)
    rspec (2.11.0)
      rspec-core (~> 2.11.0)
      rspec-expectations (~> 2.11.0)
      rspec-mocks (~> 2.11.0)
    rspec-core (2.11.1)
    rspec-expectations (2.11.3)
      diff-lcs (~> 1.1.3)
    rspec-instafail (0.2.4)
    rspec-mocks (2.11.3)
    ruby-progressbar (0.0.10)
    thor (0.16.0)

PLATFORMS
  ruby

DEPENDENCIES
  fuubar
  nyan-cat-formatter
  rspec
  unicorn_loader!
